GIT
  remote: git@devops-proto-three:/cyber-indicators/stix.git
  revision: fdf320ba0f5742bb5ac9ff0686e25f2743919fc0
  tag: v0.7.78
  specs:
    stix (0.7.78)
      builder (~> 3.0)
      erubis (~> 2.7)
      nokogiri (~> 1.8.2)

GEM
  remote: https://rubygems.org/
  specs:
    actionmailer (4.2.7.1)
      actionpack (= 4.2.7.1)
      actionview (>= 4.2.11.1)
      activejob (>= 4.2.11)
      mail (~> 2.5, >= 2.5.4)
      rails-dom-testing (~> 1.0, >= 1.0.5)
    actionpack (4.2.7.1)
      actionview (>= 4.2.11.1)
      activesupport (= 4.2.7.1)
      rack (~> 1.6)
      rack-test (~> 0.6.2)
      rails-dom-testing (~> 1.0, >= 1.0.5)
      rails-html-sanitizer (~> 1.0, >= 1.0.2)
    actionview (>= 4.2.11.1)
      activesupport (= 4.2.7.1)
      builder (~> 3.1)
      erubis (~> 2.7.0)
      rails-dom-testing (~> 1.0, >= 1.0.5)
      rails-html-sanitizer (~> 1.0, >= 1.0.2)
    activejob (>= 4.2.11)
      activesupport (= 4.2.7.1)
      globalid (>= 0.3.0)
    activemodel (4.2.7.1)
      activesupport (= 4.2.7.1)
      builder (~> 3.1)
    activerecord (4.2.7.1)
      activemodel (= 4.2.7.1)
      activesupport (= 4.2.7.1)
      arel (~> 6.0)
    activesupport (4.2.7.1)
      i18n (~> 0.7)
      json (~> 1.7, >= 1.7.7)
      minitest (~> 5.1)
      thread_safe (~> 0.3, >= 0.3.4)
      tzinfo (~> 1.1)
    acts_as_paranoid (0.5.0)
      activerecord (>= 4.0, < 5.1)
      activesupport (>= 4.0, < 5.1)
    arel (6.0.3)
    awesome_print (1.7.0)
    bcrypt (3.1.11)
    brakeman (3.6.2)
    builder (3.2.3)
    coderay (1.1.1)
    colored (1.2)
    daemons (1.2.4)
    domain_name (0.5.20160826)
      unf (>= 0.0.5, < 1.0.0)
    domain_name_validator (0.5)
    erubis (2.7.0)
    et-orbi (1.0.8)
      tzinfo
    eventmachine (1.2.3)
    execjs (2.7.0)
    globalid (0.3.7)
      activesupport (>= 4.1.0)
    highline (1.7.8)
    hike (1.2.3)
    i18n (0.7.0)
    ipaddress (0.8.3)
    jquery-rails (4.2.1)
      rails-dom-testing (>= 1, < 3)
      railties (>= 4.2.0)
      thor (>= 0.14, < 2.0)
    jquery-ui-rails (5.0.5)
      railties (>= 3.2.16)
    json (1.8.3)
    libv8 (3.16.14.15)
    loofah (~> 2.0.3)
      nokogiri (~> 1.8.2)
    mail (2.6.4)
      mime-types (>= 1.16, < 4)
    method_source (0.8.2)
    mime-types (2.99)
    mini_portile2 (2.1.0)
    minitest (5.9.1)
    multi_json (1.12.1)
    net-sftp (2.1.2)
      net-ssh (>= 2.6.5)
    net-ssh (2.9.2)
    nokogiri (~> 1.8.2)
      mini_portile2 (~> 2.1.0)
    options (2.3.2)
    pg (0.20.0)
    pr_geohash (1.0.0)
    progress_bar (1.0.5)
      highline (~> 1.6)
      options (~> 2.3.0)
    pry (0.10.4)
      coderay (~> 1.1.0)
      method_source (~> 0.8.1)
      slop (~> 3.4)
    pry-rails (0.3.4)
      pry (>= 0.9.10)
    pry-remote (0.1.8)
      pry (~> 0.9)
      slop (~> 3.0)
    public_suffix (1.4.6)
    rabl (0.13.1)
      activesupport (>= 2.3.14)
    rack (>= 1.6.11)
    rack-test (0.6.3)
      rack (>= 1.0)
    rails (4.2.7.1)
      actionmailer (= 4.2.7.1)
      actionpack (= 4.2.7.1)
      actionview (>= 4.2.11.1)
      activejob (>= 4.2.11)
      activemodel (= 4.2.7.1)
      activerecord (= 4.2.7.1)
      activesupport (= 4.2.7.1)
      bundler (>= 1.3.0, < 2.0)
      railties (= 4.2.7.1)
      sprockets-rails (~> 2.12.5)
    rails-deprecated_sanitizer (1.0.3)
      activesupport (>= 4.2.0.alpha)
    rails-dom-testing (1.0.7)
      activesupport (>= 4.2.0.beta, < 5.0)
      nokogiri (>= 1.8.2)
      rails-deprecated_sanitizer (>= 1.0.1)
    rails-html-sanitizer (~> 1.0.4)
      loofah 
    railties (4.2.7.1)
      actionpack (= 4.2.7.1)
      activesupport (= 4.2.7.1)
      rake (>= 0.8.7)
      thor (>= 0.18.1, < 2.0)
    rake (11.3.0)
    random-word (1.3.0)
    rdoc (4.2.2)
      json (>= 1.4)
    ref (2.0.0)
    rsolr (1.0.12)
      builder (>= 2.1.2)
    rubyzip (>= 1.3.0)
    rufus-scheduler (3.4.2)
      et-orbi (>= 1.0)
    sdoc (0.4.2)
      json (>= 1.7, >= 1.7.7)
      rdoc (>= 4.0)
    slop (3.6.0)
    spring (2.0.0)
      activesupport (>= 4.2)
    sprockets 
      hike (>= 1.2)
      multi_json (~> 1.0)
      rack (>= 1.0)
      tilt (>= 1.1, != 1.3.0)
    sprockets-rails (>= 2.12.5)
      actionpack (>= 3.0)
      activesupport (>= 3.0)
      sprockets (>= 2.12.5, < 4.0)
    sqlite3 (1.3.12)
    sqlite3_ar_regexp (2.2.0)
      activerecord (>= 3.2)
      sqlite3
    sunspot (2.2.0)
      pr_geohash (>= 1.0)
      rsolr (>= 1.0.7)
    sunspot_rails (2.2.0)
      nokogiri
      rails (>= 3)
      sunspot (= 2.2.0)
    sunspot_solr (2.2.0)
    therubyracer (0.12.2)
      libv8 (>= 3.16.14.0)
      ref
    thin (1.7.0)
      daemons (>= 1.0, >= 1.0.9)
      eventmachine (>= 1.0, >= 1.0.4)
      rack (>= 1, < 3)
    thor (0.19.1)
    thread_safe (0.3.5)
    tilt (1.4.1)
    tzinfo (1.2.2)
      thread_safe (>= 0.1)
    uglifier (3.0.3)
      execjs (>= 0.3.0, < 3)
    unf (0.1.4)
      unf_ext
    unf_ext (0.0.7.2)

PLATFORMS
  ruby

DEPENDENCIES
  activerecord-oracle_enhanced-adapter (= 1.6.9)
  acts_as_paranoid
  awesome_print
  bcrypt (>= 3.1.7)
  brakeman
  colored
  domain_name
  domain_name_validator
  ipaddress (>= 0.8.0)
  jquery-rails (~> 4.0)
  jquery-ui-rails (~> 5.0.0)
  jruby-jars (= 9.1.7.0)
  mime-types (= 2.99)
  net-sftp
  net-ssh (= 2.9.2)
  nokogiri
  pg
  progress_bar
  pry-rails
  pry-remote
  public_suffix (>= 1.4.6)
  rabl
  rails (>= 4.2.7)
  random-word
  rsolr (= 1.0.12)
  rubyzip (>= 1.3.0)
  rufus-scheduler
  sdoc (>= 0.4.0)
  spring
  sprockets (>= 2.12.5)
  sqlite3
  sqlite3_ar_regexp (>= 2.2)
  stix!
  sunspot (= 2.2.0)
  sunspot_rails
  sunspot_solr (= 2.2.0)
  therubyracer
  therubyrhino
  thin
  uglifier (>= 1.3.0)
  warbler (>= 2.0.0)

BUNDLED WITH
   1.16.0
